GEM
  remote: https://rubygems.org/
  specs:
    bacon (1.2.0)
    mustermann (1.0.1)
    rack (2.0.4)
    rack-protection (2.0.0)
      rack
    sequel (5.5.0)
    sinatra (2.0.0)
      mustermann (~> 1.0)
      rack (~> 2.0)
      rack-protection (= 2.0.0)
      tilt (~> 2.0)
    sinatra-sequel (0.9.0)
      bacon
      sequel (>= 3.2.0)
      sinatra (>= 0.9.4)
    tilt (2.0.8)

PLATFORMS
  ruby

DEPENDENCIES
  sequel
  sinatra
  sinatra-sequel

BUNDLED WITH
   1.16.1
